GEM
  remote: http://rubygems.org/
  specs:
    chronic (0.9.0)
    geocoder (1.1.6)
    rake (0.8.7)

PLATFORMS
  ruby

DEPENDENCIES
  chronic
  geocoder
  rake (= 0.8.7)
